GIT
  remote: git://github.com/maccman/sinatra-contrib.git
  revision: 3dde2819a31791a9124d916c4449df0741af45f9
  specs:
    sinatra-contrib (1.4.1)
      multi_json
      rack-protection
      rack-test
      sinatra (~> 1.4.0)
      tilt (~> 1.3)

GEM
  remote: https://rubygems.org/
  specs:
    activesupport (4.1.7)
      i18n (~> 0.6, >= 0.6.9)
      json (~> 1.7, >= 1.7.7)
      minitest (~> 5.1)
      thread_safe (~> 0.1)
      tzinfo (~> 1.1)
    bacon (1.2.0)
    builder (3.2.2)
    byebug (3.5.1)
      columnize (~> 0.8)
      debugger-linecache (~> 1.2)
      slop (~> 3.6)
    closure-compiler (1.1.11)
    coderay (1.1.0)
    coffee-script (2.3.0)
      coffee-script-source
      execjs
    coffee-script-source (1.8.0)
    columnize (0.8.9)
    daemons (1.1.9)
    dalli (2.7.2)
    debugger-linecache (1.2.0)
    dotenv (1.0.2)
    eco (1.0.0)
      coffee-script
      eco-source
      execjs
    eco-source (1.1.0.rc.1)
    erubis (2.7.0)
    eventmachine (1.0.3)
    execjs (2.2.2)
    faraday (0.9.0)
      multipart-post (>= 1.2, < 3)
    hashie (3.3.1)
    hike (1.2.3)
    httpauth (0.2.1)
    i18n (0.6.11)
    json (1.7.7)
    kgio (2.9.2)
    memcachier (0.0.2)
    method_source (0.8.2)
    minitest (5.4.3)
    multi_json (1.10.1)
    multipart-post (2.0.0)
    oauth2 (0.6.1)
      faraday (~> 0.7)
      httpauth (~> 0.1)
      multi_json (~> 1.3)
    omniauth (1.2.2)
      hashie (>= 1.2, < 4)
      rack (~> 1.0)
    omniauth-github (1.0.1)
      omniauth (~> 1.0)
      omniauth-oauth2 (~> 1.0)
    omniauth-oauth2 (1.0.2)
      oauth2 (~> 0.6.0)
      omniauth (~> 1.0)
    pg (0.17.1)
    pry (0.10.1)
      coderay (~> 1.1.0)
      method_source (~> 0.8.1)
      slop (~> 3.4)
    rack (1.5.2)
    rack-protection (1.5.3)
      rack
    rack-standards (0.0.1)
    rack-test (0.6.2)
      rack (>= 1.0)
    raindrops (0.13.0)
    rake (10.3.2)
    sequel (4.16.0)
    sinatra (1.4.5)
      rack (~> 1.4)
      rack-protection (~> 1.4)
      tilt (~> 1.3, >= 1.3.4)
    sinatra-sequel (0.9.0)
      bacon
      sequel (>= 3.2.0)
      sinatra (>= 0.9.4)
    slop (3.6.0)
    sprockets (2.12.3)
      hike (~> 1.2)
      multi_json (~> 1.0)
      rack (~> 1.0)
      tilt (~> 1.1, != 1.3.0)
    sprockets-memcache-store (0.0.3)
      dalli
    thin (1.6.3)
      daemons (~> 1.0, >= 1.0.9)
      eventmachine (~> 1.0)
      rack (~> 1.0)
    thread_safe (0.3.4)
    tilt (1.4.1)
    tzinfo (1.2.2)
      thread_safe (~> 0.1)
    uglifier (2.2.1)
      execjs (>= 0.3.0)
      multi_json (~> 1.0, >= 1.0.2)
    unicorn (4.8.3)
      kgio (~> 2.6)
      rack
      raindrops (~> 0.7)
    yui-compressor (0.12.0)

PLATFORMS
  ruby

DEPENDENCIES
  activesupport
  builder
  byebug
  closure-compiler
  coffee-script
  dalli
  dotenv
  eco
  erubis
  i18n
  json (~> 1.7.7)
  memcachier
  omniauth-github
  pg
  pry
  rack-standards
  rake
  sequel
  sinatra
  sinatra-contrib!
  sinatra-sequel
  sprockets
  sprockets-memcache-store
  thin
  uglifier
  unicorn
  yui-compressor
